PATH
  remote: .
  specs:
    sdk-app (0.0.9)
      coffee-script (~> 2.2.0)
      json (~> 1.7.5)
      newrelic_rpm (~> 3.5.4.33)
      ping-middleware (~> 0.0.2)
      sinatra (~> 1.3.3)
      sinatra-assetpack (~> 0.0.11)
      therubyracer (~> 0.10.0)
      yui-compressor (~> 0.9.6)

GEM
  remote: https://rubygems.org/
  specs:
    POpen4 (0.1.4)
      Platform (>= 0.4.0)
      open4
    Platform (0.4.0)
    coffee-script (2.2.0)
      coffee-script-source
      execjs
    coffee-script-source (1.6.1)
    execjs (1.4.0)
      multi_json (~> 1.0)
    jsmin (1.0.1)
    json (1.7.7)
    libv8 (3.3.10.4)
    multi_json (1.6.1)
    newrelic_rpm (3.5.4.34)
    open4 (1.3.0)
    ping-middleware (0.0.2)
    rack (1.4.5)
    rack-protection (1.3.2)
      rack
    rack-test (0.6.2)
      rack (>= 1.0)
    sinatra (1.3.4)
      rack (~> 1.4)
      rack-protection (~> 1.3)
      tilt (~> 1.3, >= 1.3.3)
    sinatra-assetpack (0.0.11)
      jsmin
      rack-test
      sinatra
      tilt (>= 1.3.0)
    therubyracer (0.10.2)
      libv8 (~> 3.3.10)
    tilt (1.3.5)
    yui-compressor (0.9.6)
      POpen4 (>= 0.1.4)

PLATFORMS
  ruby

DEPENDENCIES
  sdk-app!
